GIT
  remote: https://github.com/yfractal/cpu_time.git
  revision: 0f46f3ef403ebc333f3e1be2602bee24f5be7702
  specs:
    cpu_time (0.1.0)

PATH
  remote: .
  specs:
    ccache_bench (0.1.0)
      redis
      rutie (~> 0.0.3)

GEM
  remote: https://rubygems.org/
  specs:
    byebug (11.1.3)
    connection_pool (2.4.1)
    diff-lcs (1.5.1)
    rake (10.5.0)
    redis (5.2.0)
      redis-client (>= 0.22.0)
    redis-client (0.22.2)
      connection_pool
    rspec (3.13.0)
      rspec-core (~> 3.13.0)
      rspec-expectations (~> 3.13.0)
      rspec-mocks (~> 3.13.0)
    rspec-core (3.13.0)
      rspec-support (~> 3.13.0)
    rspec-expectations (3.13.0)
      diff-lcs (>= 1.2.0, < 2.0)
      rspec-support (~> 3.13.0)
    rspec-mocks (3.13.1)
      diff-lcs (>= 1.2.0, < 2.0)
      rspec-support (~> 3.13.0)
    rspec-support (3.13.1)
    rutie (0.0.4)

PLATFORMS
  ruby

DEPENDENCIES
  bundler (~> 2.4.19)
  byebug
  ccache_bench!
  cpu_time!
  rake (~> 10.0)
  rspec (~> 3.0)

BUNDLED WITH
   2.4.19
